GEM
  remote: https://rubygems.org/
  specs:
    anemone (0.7.2)
      nokogiri (>= 1.3.0)
      robotex (>= 1.0.0)
    diffy (3.4.1)
    mini_portile2 (2.8.1)
    nokogiri (1.14.3)
      mini_portile2 (~> 2.8.0)
      racc (~> 1.4)
    racc (1.6.2)
    robotex (1.0.0)

PLATFORMS
  ruby

DEPENDENCIES
  anemone
  diffy

BUNDLED WITH
   2.1.4
