GEM
  remote: https://rubygems.org/
  specs:
    anemone (0.7.2)
      nokogiri (>= 1.3.0)
      robotex (>= 1.0.0)
    diffy (3.3.0)
    mini_portile2 (2.4.0)
    nokogiri (1.10.1)
      mini_portile2 (~> 2.4.0)
    robotex (1.0.0)

PLATFORMS
  ruby

DEPENDENCIES
  anemone
  diffy

BUNDLED WITH
   2.0.1
