GEM
  remote: https://rubygems.org/
  specs:
    colorize (0.5.8)
    diffy (3.0.1)
    mini_portile (0.5.1)
    nokogiri (1.6.0)
      mini_portile (~> 0.5.0)

PLATFORMS
  ruby

DEPENDENCIES
  colorize
  diffy
  nokogiri
